GEM
  remote: https://rubygems.org/
  specs:
    sqlite3 (1.3.13)

PLATFORMS
  x86_64-linux

DEPENDENCIES
  sqlite3 (~> 1.3.11)

BUNDLED WITH
   2.2.25
